GEM
  remote: https://rubygems.org/
  specs:
    pg (1.1.4)
    power_assert (1.1.3)
    test-unit (3.3.0)
      power_assert

PLATFORMS
  ruby

DEPENDENCIES
  pg
  test-unit

BUNDLED WITH
   2.0.1
